GIT
  remote: git://github.com/Keishake/capistrano-node-deploy.git
  revision: b58730a4370c69e5c0828b9055b2f2f81abe1d7d
  specs:
    capistrano-node-deploy (1.2.14)
      multi_json (~> 1.3.6)
      railsless-deploy (>= 1.1.0)

GEM
  remote: https://rubygems.org/
  specs:
    capistrano (2.15.5)
      highline
      net-scp (>= 1.0.0)
      net-sftp (>= 2.0.0)
      net-ssh (>= 2.0.14)
      net-ssh-gateway (>= 1.1.0)
    capistrano-ext (1.2.1)
      capistrano (>= 1.0.0)
    capistrano_colors (0.5.5)
    highline (1.6.20)
    multi_json (1.3.7)
    net-scp (1.1.2)
      net-ssh (>= 2.6.5)
    net-sftp (2.1.2)
      net-ssh (>= 2.6.5)
    net-ssh (2.8.0)
    net-ssh-gateway (1.2.0)
      net-ssh (>= 2.6.5)
    railsless-deploy (1.1.3)

PLATFORMS
  ruby

DEPENDENCIES
  capistrano (~> 2.15.5)
  capistrano-ext
  capistrano-node-deploy!
  capistrano_colors
